GEM
  remote: https://rubygems.org/
  specs:
    open4 (1.3.0)
    rake (10.1.0)
    rake-remote_task (2.2.1)
      open4 (~> 1.0)
      rake (>= 0.8, < 11.0)
    vlad (2.6.2)
      rake (>= 0.8, < 11.0)
      rake-remote_task (~> 2.1)
    vlad-git (2.2.0)
      vlad (>= 2.1.0)

PLATFORMS
  ruby

DEPENDENCIES
  vlad
  vlad-git
